PATH
  remote: .
  specs:
    dezo (0.1.5)

GEM
  remote: https://rubygems.org/
  specs:
    rake (10.5.0)

PLATFORMS
  ruby

DEPENDENCIES
  bundler (~> 1.17)
  dezo!
  rake (~> 10.0)

BUNDLED WITH
   1.17.3
