PATH
  remote: .
  specs:
    dezo (0.1.5)

GEM
  remote: https://rubygems.org/
  specs:
    rake (13.0.1)

PLATFORMS
  ruby

DEPENDENCIES
  bundler (~> 1.17)
  dezo!
  rake (~> 13.0)

BUNDLED WITH
   1.17.3
